PATH
  remote: .
  specs:
    pg_clip (0.1.4)
      liquid
      pg

GEM
  remote: https://rubygems.org/
  specs:
    liquid (4.0.1)
    minitest (5.11.3)
    pg (1.1.3)
    rake (10.5.0)

PLATFORMS
  ruby

DEPENDENCIES
  bundler (~> 1.16)
  minitest (~> 5.0)
  pg_clip!
  rake (~> 10.0)

BUNDLED WITH
   1.16.6
